PATH
  remote: .
  specs:
    coveralls-gcov (0.1.2)
      commander

GEM
  remote: https://rubygems.org/
  specs:
    commander (4.3.4)
      highline (~> 1.7.2)
    diff-lcs (1.2.5)
    highline (1.7.2)
    rake (10.4.2)
    rspec (3.2.0)
      rspec-core (~> 3.2.0)
      rspec-expectations (~> 3.2.0)
      rspec-mocks (~> 3.2.0)
    rspec-core (3.2.3)
      rspec-support (~> 3.2.0)
    rspec-expectations (3.2.1)
      diff-lcs (>= 1.2.0, < 2.0)
      rspec-support (~> 3.2.0)
    rspec-mocks (3.2.1)
      diff-lcs (>= 1.2.0, < 2.0)
      rspec-support (~> 3.2.0)
    rspec-support (3.2.2)

PLATFORMS
  ruby

DEPENDENCIES
  bundler (~> 1.9)
  coveralls-gcov!
  rake (~> 10.0)
  rspec
